GEM
  remote: http://rubygems.org/
  specs:
    actionmailer (2.3.11)
      actionpack (= 2.3.11)
    actionpack (2.3.11)
      activesupport (= 2.3.11)
      rack (~> 1.1.0)
    activerecord (2.3.11)
      activesupport (= 2.3.11)
    activeresource (2.3.11)
      activesupport (= 2.3.11)
    activesupport (2.3.11)
    addressable (2.2.6)
    faraday (0.5.7)
      addressable (~> 2.2.4)
      multipart-post (~> 1.1.0)
      rack (>= 1.1.0, < 2)
    faraday_middleware (0.3.2)
      faraday (~> 0.5.4)
    hashie (1.0.0)
    multi_json (0.0.5)
    multi_xml (0.2.2)
    multipart-post (1.1.2)
    oauth (0.4.1)
    rack (1.1.2)
    rails (2.3.11)
      actionmailer (= 2.3.11)
      actionpack (= 2.3.11)
      activerecord (= 2.3.11)
      activeresource (= 2.3.11)
      activesupport (= 2.3.11)
      rake (>= 0.8.3)
    rake (0.9.2)
    simple_oauth (0.1.5)
    twitter (1.1.2)
      faraday (~> 0.5.4)
      faraday_middleware (~> 0.3.1)
      hashie (~> 1.0.0)
      multi_json (~> 0.0.5)
      multi_xml (~> 0.2.0)
      simple_oauth (~> 0.1.3)

PLATFORMS
  ruby

DEPENDENCIES
  oauth (= 0.4.1)
  rails (= 2.3.11)
  twitter (= 1.1.2)
